GEM
  remote: https://rubygems.org/
  specs:
    activesupport (7.0.4)
      concurrent-ruby (~> 1.0, >= 1.0.2)
      i18n (>= 1.6, < 2)
      minitest (>= 5.1)
      tzinfo (~> 2.0)
    concurrent-ruby (1.1.10)
    erubis (2.7.0)
    i18n (1.12.0)
      concurrent-ruby (~> 1.0)
    minitest (5.16.3)
    mustermann (2.0.2)
      ruby2_keywords (~> 0.0.1)
    mysql2 (0.4.4)
    mysql2-cs-bind (0.0.6)
      mysql2
    nio4r (2.5.8)
    puma (6.0.0)
      nio4r (~> 2.0)
    rack (2.2.4)
    rack-cache (1.10.0)
      rack (>= 0.4)
    rack-protection (2.2.3)
      rack
    redis (4.1.3)
    ruby2_keywords (0.0.5)
    sinatra (2.2.3)
      mustermann (~> 2.0)
      rack (~> 2.2)
      rack-protection (= 2.2.3)
      tilt (~> 2.0)
    tilt (2.0.11)
    tzinfo (2.0.5)
      concurrent-ruby (~> 1.0)

PLATFORMS
  ruby

DEPENDENCIES
  activesupport
  erubis
  mysql2
  mysql2-cs-bind
  puma
  rack-cache
  redis
  sinatra

BUNDLED WITH
   1.16.2
