GEM
  remote: https://rubygems.org/
  specs:
    activesupport (6.0.2.1)
      concurrent-ruby (~> 1.0, >= 1.0.2)
      i18n (>= 0.7, < 2)
      minitest (~> 5.1)
      tzinfo (~> 1.1)
      zeitwerk (~> 2.2)
    concurrent-ruby (1.1.5)
    erubis (2.7.0)
    i18n (1.7.0)
      concurrent-ruby (~> 1.0)
    minitest (5.13.0)
    mysql2 (0.4.4)
    mysql2-cs-bind (0.0.6)
      mysql2
    nio4r (2.5.2)
    puma (4.3.1)
      nio4r (~> 2.0)
    rack (1.6.12)
    rack-cache (1.10.0)
      rack (>= 0.4)
    rack-protection (1.5.5)
      rack
    redis (4.1.3)
    sinatra (1.4.6)
      rack (~> 1.4)
      rack-protection (~> 1.4)
      tilt (>= 1.3, < 3)
    thread_safe (0.3.6)
    tilt (2.0.5)
    tzinfo (1.2.5)
      thread_safe (~> 0.1)
    zeitwerk (2.2.2)

PLATFORMS
  ruby

DEPENDENCIES
  activesupport
  erubis
  mysql2
  mysql2-cs-bind
  puma
  rack-cache
  redis
  sinatra

BUNDLED WITH
   1.16.2
