GEM
  remote: https://rubygems.org/
  specs:
    dalli (2.7.10)
    erubis (2.7.0)
    kgio (2.10.0)
    mysql2 (0.4.4)
    mysql2-cs-bind (0.0.6)
      mysql2
    rack (1.6.10)
    rack-cache (1.10.0)
      rack (>= 0.4)
    rack-protection (1.5.5)
      rack
    raindrops (0.16.0)
    sinatra (1.4.6)
      rack (~> 1.4)
      rack-protection (~> 1.4)
      tilt (>= 1.3, < 3)
    tilt (2.0.5)
    unicorn (5.1.0)
      kgio (~> 2.6)
      raindrops (~> 0.7)

PLATFORMS
  ruby

DEPENDENCIES
  dalli
  erubis
  mysql2
  mysql2-cs-bind
  rack-cache
  sinatra
  unicorn

BUNDLED WITH
   1.16.2
